GIT
  remote: https://github.com/conjurinc/cli-ruby.git
  revision: ff3b0b6db7a8c705e3cf055d55cbf2bc120925aa
  branch: master
  specs:
    conjur-cli (5.4.0)
      activesupport (>= 4.2)
      cas_rest_client (~> 1.3)
      conjur-api (>= 4.28.1)
      deep_merge (~> 1.0)
      gli (>= 2.8.0)
      highline (~> 1.7)
      methadone (~> 1.9)
      netrc (~> 0.10)
      table_print (~> 1.5)
      xdg (~> 2.2)

GEM
  remote: https://rubygems.org/
  specs:
    activesupport (5.0.0.1)
      concurrent-ruby (~> 1.0, >= 1.0.2)
      i18n (~> 0.7)
      minitest (~> 5.1)
      tzinfo (~> 1.1)
    apiaryio (0.3.3)
      json (~> 1.8)
      rack (~> 1.6.4)
      rake (~> 10.4)
      rest-client (~> 1.8)
      thor (~> 0.19.1)
    cas_rest_client (1.3)
      rest-client (>= 1.4.2)
    concurrent-ruby (1.0.2)
    conjur-api (4.28.1)
      activesupport
      rest-client (~> 1.7, >= 1.7.3)
      semantic
    deep_merge (1.1.1)
    domain_name (0.5.25)
      unf (>= 0.0.5, < 1.0.0)
    gli (2.14.0)
    highline (1.7.8)
    http-cookie (1.0.2)
      domain_name (~> 0.5)
    i18n (0.7.0)
    json (1.8.3)
    methadone (1.9.3)
      bundler
    mime-types (2.99)
    minitest (5.10.1)
    netrc (0.10.3)
    rack (1.6.4)
    rake (10.4.2)
    rest-client (1.8.0)
      http-cookie (>= 1.0.2, < 2.0)
      mime-types (>= 1.16, < 3.0)
      netrc (~> 0.7)
    semantic (1.5.0)
    table_print (1.5.6)
    thor (0.19.1)
    thread_safe (0.3.5)
    tzinfo (1.2.2)
      thread_safe (~> 0.1)
    unf (0.1.4)
      unf_ext
    unf_ext (0.0.7.1)
    xdg (2.2.3)

PLATFORMS
  ruby

DEPENDENCIES
  apiaryio
  conjur-cli!

BUNDLED WITH
   1.13.6
