GIT
  remote: https://github.com/conjurinc/cli-ruby.git
  revision: d0a9509c63c2ae47041f4ce3f9d1a4816da55bcd
  branch: master
  specs:
    conjur-cli (4.29.0)
      activesupport
      cas_rest_client
      conjur-api (~> 4.19)
      deep_merge
      gli (>= 2.8.0)
      highline
      methadone
      netrc (~> 0.10.2)
      xdg

GEM
  remote: https://rubygems.org/
  specs:
    activesupport (4.2.5)
      i18n (~> 0.7)
      json (~> 1.7, >= 1.7.7)
      minitest (~> 5.1)
      thread_safe (~> 0.3, >= 0.3.4)
      tzinfo (~> 1.1)
    apiaryio (0.3.3)
      json (~> 1.8)
      rack (~> 1.6.4)
      rake (~> 10.4)
      rest-client (~> 1.8)
      thor (~> 0.19.1)
    cas_rest_client (1.3)
      rest-client (>= 1.4.2)
    conjur-api (4.19.1)
      activesupport
      rest-client (~> 1.7, >= 1.7.3)
    deep_merge (1.0.1)
    domain_name (0.5.25)
      unf (>= 0.0.5, < 1.0.0)
    gli (2.13.4)
    highline (1.7.8)
    http-cookie (1.0.2)
      domain_name (~> 0.5)
    i18n (0.7.0)
    json (1.8.3)
    methadone (1.9.2)
      bundler
    mime-types (2.99)
    minitest (5.8.3)
    netrc (0.10.3)
    rack (1.6.4)
    rake (10.4.2)
    rest-client (1.8.0)
      http-cookie (>= 1.0.2, < 2.0)
      mime-types (>= 1.16, < 3.0)
      netrc (~> 0.7)
    thor (0.19.1)
    thread_safe (0.3.5)
    tzinfo (1.2.2)
      thread_safe (~> 0.1)
    unf (0.1.4)
      unf_ext
    unf_ext (0.0.7.1)
    xdg (2.2.3)

PLATFORMS
  ruby

DEPENDENCIES
  apiaryio
  conjur-cli!
